GEM
  remote: https://rubygems.org/
  specs:
    coderay (1.0.6)
    haml (3.1.7)
    httparty (0.10.0)
      multi_json (~> 1.0)
      multi_xml
    method_source (0.7.1)
    multi_json (1.5.0)
    multi_xml (0.5.2)
    pry (0.9.9.6)
      coderay (~> 1.0.5)
      method_source (~> 0.7.1)
      slop (>= 2.4.4, < 3)
    rack (1.4.3)
    rack-protection (1.3.2)
      rack
    sinatra (1.3.3)
      rack (~> 1.3, >= 1.3.6)
      rack-protection (~> 1.2)
      tilt (~> 1.3, >= 1.3.3)
    slop (2.4.4)
    tilt (1.3.3)

PLATFORMS
  ruby

DEPENDENCIES
  haml
  httparty
  pry
  sinatra
